GEM
  remote: https://rubygems.org/
  specs:
    hoe (3.13.0)
      rake (>= 0.8, < 11.0)
    minitest (5.4.2)
    rake (10.4.0)

PLATFORMS
  ruby

DEPENDENCIES
  hoe
  minitest
